GIT
  remote: git://github.com/rails/rails.git
  revision: 5aa86f793f4df75f8a5780626269abc3511c61a0
  specs:
    activemodel (3.2.0.beta)
      activesupport (= 3.2.0.beta)
      bcrypt-ruby (~> 3.0.0)
      builder (~> 3.0.0)
      i18n (~> 0.6)
    activerecord (3.2.0.beta)
      activemodel (= 3.2.0.beta)
      activesupport (= 3.2.0.beta)
      arel (~> 2.2.1)
      tzinfo (~> 0.3.29)
    activesupport (3.2.0.beta)
      i18n (~> 0.6)
      multi_json (~> 1.0)

GEM
  remote: http://rubygems.org/
  specs:
    arel (2.2.1)
    bcrypt-ruby (3.0.0)
    builder (3.0.0)
    git (1.2.5)
    i18n (0.6.0)
    jeweler (1.6.4)
      bundler (~> 1.0)
      git (>= 1.2.5)
      rake
    multi_json (1.0.3)
    mysql2 (0.3.7)
    rake (0.9.2)
    rcov (0.9.9)
    shoulda (2.11.3)
    tzinfo (0.3.29)

PLATFORMS
  ruby

DEPENDENCIES
  activerecord (>= 3.1)!
  bundler (~> 1.0.0)
  jeweler (~> 1.6.4)
  mysql2
  rcov
  shoulda
